GIT
  remote: git://github.com/hooroo/squinty.git
  revision: 15ce4263848ad1d2cbd90c8462e89fba0e20aa4c
  ref: 15ce4263848ad1d2cbd90c8462e89fba0e20aa4c
  specs:
    squinty (0.0.2)
      rubyserial (>= 0.1.2)

PATH
  remote: .
  specs:
    build_light (0.0.7)
      json (~> 1.6.5)
      logging (~> 1.8.2)
      netrc (~> 0.8.0)
      octokit (~> 3.0)

GEM
  remote: https://rubygems.org/
  specs:
    addressable (2.3.6)
    awesome_print (1.2.0)
    byebug (3.5.1)
      columnize (~> 0.8)
      debugger-linecache (~> 1.2)
      slop (~> 3.6)
    coderay (1.1.0)
    columnize (0.9.0)
    debugger-linecache (1.2.0)
    diff-lcs (1.2.5)
    faraday (0.9.0)
      multipart-post (>= 1.2, < 3)
    ffi (1.9.8)
    json (1.6.8)
    little-plugger (1.1.3)
    logging (1.8.2)
      little-plugger (>= 1.1.3)
      multi_json (>= 1.8.4)
    method_source (0.8.2)
    multi_json (1.10.1)
    multipart-post (2.0.0)
    netrc (0.8.0)
    octokit (3.5.2)
      sawyer (~> 0.5.3)
    pry (0.10.1)
      coderay (~> 1.1.0)
      method_source (~> 0.8.1)
      slop (~> 3.4)
    pry-byebug (3.0.1)
      byebug (~> 3.4)
      pry (~> 0.10)
    rake (10.3.2)
    rspec (2.99.0)
      rspec-core (~> 2.99.0)
      rspec-expectations (~> 2.99.0)
      rspec-mocks (~> 2.99.0)
    rspec-core (2.99.2)
    rspec-expectations (2.99.2)
      diff-lcs (>= 1.1.3, < 2.0)
    rspec-mocks (2.99.2)
    rubyserial (0.2.2)
      ffi (~> 1.9.3)
    sawyer (0.5.5)
      addressable (~> 2.3.5)
      faraday (~> 0.8, < 0.10)
    slop (3.6.0)

PLATFORMS
  ruby

DEPENDENCIES
  awesome_print (~> 1.2.0)
  build_light!
  pry-byebug
  rake (~> 10.3.2)
  rspec (~> 2.14)
  squinty!
