GIT
  remote: git://github.com/ashmckenzie/blinkee.git
  revision: 4badf33ea6066597aa7f44e48b9bbdd78e5f701e
  branch: 4badf33ea6066597aa7f44e48b9bbdd78e5f701e
  specs:
    blinkee (0.0.4)

PATH
  remote: .
  specs:
    build_light (0.0.3)
      json (~> 1.6.5)
      logging

GEM
  remote: https://rubygems.org/
  specs:
    awesome_print (1.1.0)
    coderay (1.0.9)
    diff-lcs (1.2.2)
    json (1.6.8)
    little-plugger (1.1.3)
    logging (1.8.1)
      little-plugger (>= 1.1.3)
      multi_json (>= 1.3.6)
    method_source (0.8.1)
    multi_json (1.8.4)
    pry (0.9.12)
      coderay (~> 1.0.5)
      method_source (~> 0.8)
      slop (~> 3.4)
    rake (10.0.4)
    rspec (2.13.0)
      rspec-core (~> 2.13.0)
      rspec-expectations (~> 2.13.0)
      rspec-mocks (~> 2.13.0)
    rspec-core (2.13.1)
    rspec-expectations (2.13.0)
      diff-lcs (>= 1.1.3, < 2.0)
    rspec-mocks (2.13.1)
    slop (3.4.4)

PLATFORMS
  ruby

DEPENDENCIES
  awesome_print
  blinkee!
  build_light!
  pry
  rake
  rspec (~> 2.6)
