GEM
  remote: http://rubygems.org/
  specs:
    blinky (0.0.3)
      ruby-usb (>= 0.2.1)
    ruby-usb (0.2.1)

PLATFORMS
  ruby

DEPENDENCIES
  blinky (~> 0.0.3)
