GIT
  remote: git://github.com/ashmckenzie/blinkee.git
  revision: 563b8a817b66324daff2db8d6697c11ae3d04647
  branch: 563b8a817b66324daff2db8d6697c11ae3d04647
  specs:
    blinkee (0.0.5)

PATH
  remote: .
  specs:
    build_light (0.0.5)
      json (~> 1.6.5)
      logging (~> 1.8.2)
      netrc (~> 0.8.0)
      octokit (~> 3.0)
      ruby-usb (~> 0.2.1)

GEM
  remote: https://rubygems.org/
  specs:
    addressable (2.3.6)
    awesome_print (1.2.0)
    coderay (1.1.0)
    columnize (0.8.9)
    debugger (1.6.8)
      columnize (>= 0.3.1)
      debugger-linecache (~> 1.2.0)
      debugger-ruby_core_source (~> 1.3.5)
    debugger-linecache (1.2.0)
    debugger-ruby_core_source (1.3.5)
    diff-lcs (1.2.5)
    faraday (0.9.0)
      multipart-post (>= 1.2, < 3)
    json (1.6.8)
    little-plugger (1.1.3)
    logging (1.8.2)
      little-plugger (>= 1.1.3)
      multi_json (>= 1.8.4)
    method_source (0.8.2)
    multi_json (1.10.1)
    multipart-post (2.0.0)
    netrc (0.8.0)
    octokit (3.5.2)
      sawyer (~> 0.5.3)
    pry (0.10.1)
      coderay (~> 1.1.0)
      method_source (~> 0.8.1)
      slop (~> 3.4)
    pry-debugger (0.2.3)
      debugger (~> 1.3)
      pry (>= 0.9.10, < 0.11.0)
    rake (10.3.2)
    rspec (2.99.0)
      rspec-core (~> 2.99.0)
      rspec-expectations (~> 2.99.0)
      rspec-mocks (~> 2.99.0)
    rspec-core (2.99.2)
    rspec-expectations (2.99.2)
      diff-lcs (>= 1.1.3, < 2.0)
    rspec-mocks (2.99.2)
    ruby-usb (0.2.1)
    sawyer (0.5.5)
      addressable (~> 2.3.5)
      faraday (~> 0.8, < 0.10)
    slop (3.6.0)

PLATFORMS
  ruby

DEPENDENCIES
  awesome_print (~> 1.2.0)
  blinkee!
  build_light!
  pry-debugger
  rake (~> 10.3.2)
  rspec (~> 2.14)
