GIT
  remote: git://github.com/hooroo/squinty.git
  revision: 2132e1afc585420491fc8ff2354149b54d6ad972
  ref: 2132e1afc585420491fc8ff2354149b54d6ad972
  specs:
    squinty (0.0.2)
      rubyserial (>= 0.1.2)

PATH
  remote: .
  specs:
    build_light (0.0.8)
      json (>= 1.6.5, < 2.4.0)
      logging (~> 1.8.2)
      netrc (~> 0.8.0)

GEM
  remote: https://rubygems.org/
  specs:
    awesome_print (1.2.0)
    byebug (3.5.1)
      columnize (~> 0.8)
      debugger-linecache (~> 1.2)
      slop (~> 3.6)
    coderay (1.1.0)
    columnize (0.9.0)
    debugger-linecache (1.2.0)
    diff-lcs (1.2.5)
    ffi (1.9.8)
    json (2.3.1)
    little-plugger (1.1.4)
    logging (1.8.2)
      little-plugger (>= 1.1.3)
      multi_json (>= 1.8.4)
    method_source (0.8.2)
    multi_json (1.15.0)
    netrc (0.8.0)
    pry (0.10.1)
      coderay (~> 1.1.0)
      method_source (~> 0.8.1)
      slop (~> 3.4)
    pry-byebug (3.0.1)
      byebug (~> 3.4)
      pry (~> 0.10)
    rake (10.3.2)
    rspec (2.99.0)
      rspec-core (~> 2.99.0)
      rspec-expectations (~> 2.99.0)
      rspec-mocks (~> 2.99.0)
    rspec-core (2.99.2)
    rspec-expectations (2.99.2)
      diff-lcs (>= 1.1.3, < 2.0)
    rspec-mocks (2.99.2)
    rubyserial (0.2.2)
      ffi (~> 1.9.3)
    slop (3.6.0)

PLATFORMS
  ruby

DEPENDENCIES
  awesome_print (~> 1.2.0)
  build_light!
  pry-byebug
  rake (~> 10.3.2)
  rspec (~> 2.14)
  squinty!
