GIT
  remote: git://github.com/ashmckenzie/blinkee.git
  revision: 69ac700a187842036cabc5ce4dc998a3493e818a
  branch: 69ac700a187842036cabc5ce4dc998a3493e818a
  specs:
    blinkee (0.0.2)

PATH
  remote: .
  specs:
    build_light (0.0.2)
      blinky
      json (~> 1.6.5)
      logging

GEM
  remote: https://rubygems.org/
  specs:
    awesome_print (1.1.0)
    blinky (0.0.12)
      chicanery (~> 0.1.0)
      libusb (~> 0.2.2)
    chicanery (0.1.5)
      nokogiri (~> 1)
    coderay (1.0.9)
    diff-lcs (1.2.2)
    ffi (1.9.3)
    json (1.6.8)
    libusb (0.2.2)
      ffi (>= 1.0)
    little-plugger (1.1.3)
    logging (1.8.1)
      little-plugger (>= 1.1.3)
      multi_json (>= 1.3.6)
    method_source (0.8.1)
    mini_portile (0.5.2)
    multi_json (1.7.5)
    nokogiri (1.6.1)
      mini_portile (~> 0.5.0)
    pry (0.9.12)
      coderay (~> 1.0.5)
      method_source (~> 0.8)
      slop (~> 3.4)
    rake (10.0.4)
    rspec (2.13.0)
      rspec-core (~> 2.13.0)
      rspec-expectations (~> 2.13.0)
      rspec-mocks (~> 2.13.0)
    rspec-core (2.13.1)
    rspec-expectations (2.13.0)
      diff-lcs (>= 1.1.3, < 2.0)
    rspec-mocks (2.13.1)
    slop (3.4.4)

PLATFORMS
  ruby

DEPENDENCIES
  awesome_print
  blinkee!
  build_light!
  pry
  rake
  rspec (~> 2.6)
