GIT
  remote: git://github.com/ashmckenzie/blinkee.git
  revision: 563b8a817b66324daff2db8d6697c11ae3d04647
  branch: 563b8a817b66324daff2db8d6697c11ae3d04647
  specs:
    blinkee (0.0.5)

PATH
  remote: .
  specs:
    build_light (0.0.3)
      json (~> 1.6.5)
      logging (~> 1.8.2)

GEM
  remote: https://rubygems.org/
  specs:
    awesome_print (1.2.0)
    coderay (1.1.0)
    diff-lcs (1.2.2)
    json (1.6.8)
    little-plugger (1.1.3)
    logging (1.8.2)
      little-plugger (>= 1.1.3)
      multi_json (>= 1.8.4)
    method_source (0.8.2)
    multi_json (1.10.1)
    pry (0.10.1)
      coderay (~> 1.1.0)
      method_source (~> 0.8.1)
      slop (~> 3.4)
    rake (10.3.2)
    rspec (2.13.0)
      rspec-core (~> 2.13.0)
      rspec-expectations (~> 2.13.0)
      rspec-mocks (~> 2.13.0)
    rspec-core (2.13.1)
    rspec-expectations (2.13.0)
      diff-lcs (>= 1.1.3, < 2.0)
    rspec-mocks (2.13.1)
    slop (3.6.0)

PLATFORMS
  ruby

DEPENDENCIES
  awesome_print (~> 1.2.0)
  blinkee!
  build_light!
  pry (~> 0.10.1)
  rake (~> 10.3.2)
  rspec (~> 2.6)
