GIT
  remote: git://github.com/Jetstar/blinky.git
  revision: 277ad0e1d202253fab64c064d388e90fe961bd4e
  specs:
    blinky (0.0.3)
      ruby-usb (>= 0.2.1)

GEM
  remote: http://rubygems.org/
  specs:
    json (1.6.5)
    ruby-usb (0.2.1)

PLATFORMS
  ruby

DEPENDENCIES
  blinky!
  json (~> 1.6.5)
