GEM
  remote: http://rubygems.org/
  specs:
    awesome_print (1.0.1)
    blinky (0.0.3)
      ruby-usb (>= 0.2.1)
    json (1.6.5)
    ruby-usb (0.2.1)

PLATFORMS
  ruby

DEPENDENCIES
  awesome_print (= 1.0.1)
  blinky (~> 0.0.3)
  json (~> 1.6.5)
