GIT
  remote: git://github.com/hooroo/blinky.git
  revision: 277ad0e1d202253fab64c064d388e90fe961bd4e
  specs:
    blinky (0.0.3)
      ruby-usb (>= 0.2.1)

GEM
  remote: http://rubygems.org/
  specs:
    awesome_print (1.1.0)
    coderay (1.0.9)
    json (1.6.5)
    little-plugger (1.1.3)
    logging (1.8.1)
      little-plugger (>= 1.1.3)
      multi_json (>= 1.3.6)
    method_source (0.8.1)
    multi_json (1.7.2)
    pry (0.9.12)
      coderay (~> 1.0.5)
      method_source (~> 0.8)
      slop (~> 3.4)
    ruby-usb (0.2.1)
    slop (3.4.4)

PLATFORMS
  ruby

DEPENDENCIES
  awesome_print
  blinky!
  json (~> 1.6.5)
  logging
  pry
